GEM
  remote: https://rubygems.org/
  specs:
    abstract_method (1.2.1)
    cheetah (1.0.0)
      abstract_method (~> 1.2)
    daemons (1.4.1)
    eventmachine (1.2.7)
    rack (2.2.3)
    rack-contrib (2.3.0)
      rack (~> 2.0)
    rake (13.0.6)
    thin (1.8.1)
      daemons (~> 1.0, >= 1.0.9)
      eventmachine (~> 1.0, >= 1.0.4)
      rack (>= 1, < 3)

PLATFORMS
  x86_64-linux

DEPENDENCIES
  cheetah
  eventmachine
  rack-contrib
  rake
  thin

BUNDLED WITH
   2.2.27
