PATH
  remote: .
  specs:
    d-installer-cli (0.2)
      fast_gettext (~> 2.2.0)
      ruby-dbus (>= 0.18.0.beta5)
      thor (>= 1.2.1)

GEM
  remote: https://rubygems.org/
  specs:
    byebug (11.1.3)
    diff-lcs (1.5.0)
    docile (1.4.0)
    fast_gettext (2.2.0)
    packaging_rake_tasks (1.5.1)
      rake
    rake (13.0.6)
    rexml (3.2.5)
    rspec (3.11.0)
      rspec-core (~> 3.11.0)
      rspec-expectations (~> 3.11.0)
      rspec-mocks (~> 3.11.0)
    rspec-core (3.11.0)
      rspec-support (~> 3.11.0)
    rspec-expectations (3.11.0)
      diff-lcs (>= 1.2.0, < 2.0)
      rspec-support (~> 3.11.0)
    rspec-mocks (3.11.1)
      diff-lcs (>= 1.2.0, < 2.0)
      rspec-support (~> 3.11.0)
    rspec-support (3.11.0)
    ruby-dbus (0.18.0.beta6)
      rexml
    simplecov (0.21.2)
      docile (~> 1.1)
      simplecov-html (~> 0.11)
      simplecov_json_formatter (~> 0.1)
    simplecov-html (0.12.3)
    simplecov-lcov (0.8.0)
    simplecov_json_formatter (0.1.4)
    thor (1.2.1)

PLATFORMS
  x86_64-linux

DEPENDENCIES
  byebug
  d-installer-cli!
  packaging_rake_tasks (~> 1.5.1)
  rake (~> 13.0.6)
  rspec (~> 3.11.0)
  simplecov (~> 0.21.2)
  simplecov-lcov (~> 0.8.0)

BUNDLED WITH
   2.3.3
