PATH
  remote: .
  specs:
    d-installer (0.1)
      cfa (~> 1.0.2)
      cfa_grub2 (~> 2.0.0)
      cheetah (~> 1.0.0)
      eventmachine (~> 1.2.7)
      fast_gettext (~> 2.2.0)
      nokogiri (~> 1.13.1)
      ruby-dbus (~> 0.16.0)

GEM
  remote: https://rubygems.org/
  specs:
    abstract_method (1.2.1)
    cfa (1.0.2)
      ruby-augeas
    cfa_grub2 (2.0.0)
      cfa (~> 1.0)
    cheetah (1.0.0)
      abstract_method (~> 1.2)
    eventmachine (1.2.7)
    fast_gettext (2.2.0)
    mini_portile2 (2.7.1)
    nokogiri (1.13.1)
      mini_portile2 (~> 2.7.0)
      racc (~> 1.4)
    nokogiri (1.13.1-x86_64-linux)
      racc (~> 1.4)
    packaging_rake_tasks (1.5.1)
      rake
    racc (1.6.0)
    rake (13.0.6)
    ruby-augeas (0.5.0)
    ruby-dbus (0.17.0)
      rexml

PLATFORMS
  ruby
  x86_64-linux

DEPENDENCIES
  d-installer!
  packaging_rake_tasks (~> 1.5.1)
  rake (~> 13.0.6)

BUNDLED WITH
   2.3.3
